GEM
  remote: http://rubygems.org/
  specs:
    RedCloth (4.2.7)
    compass (0.10.6)
      haml (>= 3.0.4)
    haml (3.0.25)
    rack (1.2.1)
    rake (0.8.7)
    staticmatic (0.11.1)
      compass (>= 0.10.0)
      haml (>= 2.0.0)
      rack (>= 1.0)

PLATFORMS
  ruby

DEPENDENCIES
  RedCloth
  rake
  staticmatic (= 0.11.1)
