GEM
  remote: http://rubygems.org/
  specs:
    RedCloth (4.2.7)
    activesupport (3.0.5)
    compass (0.10.6)
      haml (>= 3.0.4)
    fssm (0.2.5)
    haml (3.0.25)
    i18n (0.5.0)
    rack (1.2.1)
    rake (0.8.7)
    serve (0.11.7)
      activesupport (>= 2.3.5)
      rack (>= 1.2.1)
    staticmatic (0.11.1)
      compass (>= 0.10.0)
      haml (>= 2.0.0)
      rack (>= 1.0)

PLATFORMS
  ruby

DEPENDENCIES
  RedCloth
  compass
  fssm
  haml
  i18n
  rake
  serve
  staticmatic (= 0.11.1)
